FRAMEWORK: NET451
NUGET
  remote: https://www.nuget.org/api/v2
  specs:
    CsvHelper (2.14.2)
